GEM
  remote: http://rubygems.org/
  specs:
    bio (1.4.2)
    configliere (0.4.8)
      json
    genomer (0.0.5)
      bundler (~> 1.1.0)
      configliere (~> 0.4.8)
      rake (~> 0.9.0)
      ronn (~> 0.7.3)
      scaffolder (~> 0.4.0)
      scaffolder-annotation-locator (>= 0.1.2)
      unindent (~> 1.0.0)
    genomer-plugin-summary (0.0.1)
      genomer (>= 0.0.4)
      terminal-table (~> 1.4.5)
    genomer-plugin-validate (0.0.0)
      genomer (>= 0.0.4)
      heredoc_unindent (~> 1.1.0)
    genomer-plugin-view (0.0.1)
      genomer (>= 0.0.5)
    heredoc_unindent (1.1.2)
    hpricot (0.8.6)
    json (1.7.3)
    mustache (0.99.4)
    rake (0.9.2.2)
    rdiscount (1.6.8)
    ronn (0.7.3)
      hpricot (>= 0.8.2)
      mustache (>= 0.7.0)
      rdiscount (>= 1.5.8)
    scaffolder (0.4.4)
      bio (~> 1.4)
    scaffolder-annotation-locator (0.1.2)
      bio (~> 1.4.0)
      scaffolder (>= 0.4.3)
    terminal-table (1.4.5)
    unindent (1.0)

PLATFORMS
  ruby

DEPENDENCIES
  genomer-plugin-summary (= 0.0.1)
  genomer-plugin-validate
  genomer-plugin-view (= 0.0.1)
