GEM
  remote: http://rubygems.org/
  specs:
    binman (3.2.0)
    bio (1.4.3)
    configliere (0.4.17)
      highline (>= 1.5.2)
      multi_json (>= 1.1)
    genomer (0.0.7)
      bundler (~> 1.1.0)
      configliere (~> 0.4.8)
      md2man (~> 1.2.0)
      rake (~> 0.9.0)
      scaffolder (~> 0.4.0)
      scaffolder-annotation-locator (>= 0.1.4)
      unindent (~> 1.0.0)
    genomer-plugin-summary (0.0.4)
      genomer (>= 0.0.4)
      lazing (>= 0.1.1)
      terminal-table (~> 1.4.5)
    genomer-plugin-validate (0.0.2)
      genomer (>= 0.0.6)
      heredoc_unindent (~> 1.1.0)
    genomer-plugin-view (0.0.3)
      genomer (>= 0.0.5)
    heredoc_unindent (1.1.2)
    highline (1.6.15)
    lazing (0.1.1)
    md2man (1.2.1)
      binman (~> 3)
      redcarpet (~> 2.1)
    multi_json (1.3.6)
    rake (0.9.2.2)
    redcarpet (2.2.2)
    scaffolder (0.4.4)
      bio (~> 1.4)
    scaffolder-annotation-locator (0.1.4)
      bio (~> 1.4.0)
      scaffolder (>= 0.4.3)
    terminal-table (1.4.5)
    unindent (1.0)

PLATFORMS
  ruby

DEPENDENCIES
  genomer-plugin-summary (= 0.0.4)
  genomer-plugin-validate (~> 0.0.0)
  genomer-plugin-view (>= 0.0.1)
