GEM
  remote: http://rubygems.org/
  specs:
    binman (3.2.0)
    bio (1.4.3)
    configliere (0.4.18)
      highline (>= 1.5.2)
      multi_json (>= 1.1)
    genomer (0.0.8)
      bundler (> 1.1.0)
      configliere (~> 0.4.8)
      md2man (~> 1.4.0)
      rake (~> 0.9.0)
      scaffolder (~> 0.4.0)
      scaffolder-annotation-locator (>= 0.1.4)
      unindent (~> 1.0.0)
    genomer-plugin-summary (0.0.5)
      genomer (>= 0.0.4)
      lazing (>= 0.1.1)
      terminal-table (~> 1.4.5)
    genomer-plugin-validate (0.0.2)
      genomer (>= 0.0.6)
      heredoc_unindent (~> 1.1.0)
    genomer-plugin-view (0.0.4)
      genomer (>= 0.0.6)
    heredoc_unindent (1.1.2)
    highline (1.6.15)
    lazing (0.1.1)
    md2man (1.4.0)
      binman (~> 3.0)
      redcarpet (~> 2.1)
    multi_json (1.5.0)
    rake (0.9.6)
    redcarpet (2.2.2)
    scaffolder (0.4.4)
      bio (~> 1.4)
    scaffolder-annotation-locator (0.1.4)
      bio (~> 1.4.0)
      scaffolder (>= 0.4.3)
    terminal-table (1.4.5)
    unindent (1.0)

PLATFORMS
  ruby

DEPENDENCIES
  genomer-plugin-summary (>= 0.0.4)
  genomer-plugin-validate (~> 0.0.0)
  genomer-plugin-view (>= 0.0.4)
