GEM
  remote: https://rubygems.org/
  specs:
    binman (3.3.1)
      opener (>= 0.1.0, < 1)
    bio (1.4.3.0001)
    configliere (0.4.18)
      highline (>= 1.5.2)
      multi_json (>= 1.1)
    genomer (0.1.0)
      bundler (~> 1.3.0)
      configliere (~> 0.4.0)
      md2man (~> 1.2.0)
      rake (~> 10.1.0)
      scaffolder (~> 0.5.0)
      scaffolder-annotation-locator (~> 0.2.0)
      unindent (~> 1.0.0)
    genomer-plugin-summary (0.0.5)
      genomer (>= 0.0.4)
      lazing (>= 0.1.1)
      terminal-table (~> 1.4.5)
    genomer-plugin-validate (0.0.2)
      genomer (>= 0.0.6)
      heredoc_unindent (~> 1.1.0)
    genomer-plugin-view (0.1.0)
      genomer (~> 0.1.0)
    heredoc_unindent (1.1.2)
    highline (1.6.19)
    lazing (0.1.1)
    md2man (1.2.1)
      binman (~> 3)
      redcarpet (~> 2.1)
    multi_json (1.7.9)
    opener (0.1.0)
    rake (10.1.0)
    redcarpet (2.3.0)
    scaffolder (0.5.0)
      bio (~> 1.4.0)
      bundler (~> 1.3.0)
      rake (~> 10.1.0)
    scaffolder-annotation-locator (0.2.0)
      bio (~> 1.4.0)
      scaffolder (~> 0.5.0)
    terminal-table (1.4.5)
    unindent (1.0)

PLATFORMS
  ruby

DEPENDENCIES
  genomer (~> 0.1.0)
  genomer-plugin-summary (>= 0.0.4)
  genomer-plugin-validate (~> 0.0.0)
  genomer-plugin-view (~> 0.1.0)
